GEM
  remote: https://rubygems.org/
  specs:
    backports (3.3.3)
    daemons (1.1.9)
    debugger-ruby_core_source (1.2.3)
    eventmachine (1.0.3)
    json (1.8.0)
    macaddr (1.6.1)
      systemu (~> 2.5.0)
    rack (1.5.2)
    rack-protection (1.5.0)
      rack
    rack-test (0.6.2)
      rack (>= 1.0)
    rake (10.1.0)
    ruby-debug-base19x (0.11.30.pre12)
      debugger-ruby_core_source (>= 1.1.4)
      rake (>= 0.8.1)
    ruby-debug-ide (0.4.17)
      rake (>= 0.8.1)
    sinatra (1.3.6)
      rack (~> 1.4)
      rack-protection (~> 1.3)
      tilt (~> 1.3, >= 1.3.3)
    sinatra-contrib (1.3.2)
      backports (>= 2.0)
      eventmachine
      rack-protection
      rack-test
      sinatra (~> 1.3.0)
      tilt (~> 1.3)
    systemu (2.5.2)
    thin (1.5.1)
      daemons (>= 1.0.9)
      eventmachine (>= 0.12.6)
      rack (>= 1.0.0)
    tilt (1.4.1)
    uuid (2.3.7)
      macaddr (~> 1.0)

PLATFORMS
  ruby

DEPENDENCIES
  json
  ruby-debug-base19x
  ruby-debug-ide
  sinatra (~> 1.3.4)
  sinatra-contrib (~> 1.3.2)
  thin
  uuid
